GEM
  remote: http://rubygems.org/
  specs:
    chatterbot (0.4.0)
      twitter_oauth
    json (1.6.3)
    mime-types (1.17.2)
    oauth (0.4.5)
    sequel (3.30.0)
    twitter_oauth (0.4.3)
      json (>= 1.1.9)
      mime-types (>= 1.16)
      oauth (>= 0.4.1)

PLATFORMS
  ruby

DEPENDENCIES
  chatterbot
  sequel
